PATH
  remote: .
  specs:
    ebay_client (0.1.0)
      activesupport (>= 3.1.0)
      savon (< 2.0.0)

GEM
  remote: https://rubygems.org/
  specs:
    activesupport (4.1.2)
      i18n (~> 0.6, >= 0.6.9)
      json (~> 1.7, >= 1.7.7)
      minitest (~> 5.1)
      thread_safe (~> 0.1)
      tzinfo (~> 1.1)
    akami (1.2.2)
      gyoku (>= 0.4.0)
      nokogiri
    builder (3.2.2)
    gyoku (0.4.6)
      builder (>= 2.1.2)
    httpi (1.1.1)
      rack
    i18n (0.6.9)
    json (1.8.1)
    mini_portile (0.6.0)
    minitest (5.3.5)
    nokogiri (1.6.2.1)
      mini_portile (= 0.6.0)
    nori (1.1.5)
    rack (1.5.2)
    savon (1.2.0)
      akami (~> 1.2.0)
      builder (>= 2.1.2)
      gyoku (~> 0.4.5)
      httpi (~> 1.1.0)
      nokogiri (>= 1.4.0)
      nori (~> 1.1.0)
      wasabi (~> 2.5.0)
    thread_safe (0.3.4)
    tzinfo (1.2.1)
      thread_safe (~> 0.1)
    wasabi (2.5.1)
      httpi (~> 1.0)
      nokogiri (>= 1.4.0)

PLATFORMS
  ruby

DEPENDENCIES
  bundler
  ebay_client!
